GEM
  remote: https://rubygems.org/
  specs:
    diff-lcs (1.3)
    mail (2.7.0)
      mini_mime (>= 0.1.1)
    mime (0.4.4)
    mini_mime (1.0.0)
    rspec (3.7.0)
      rspec-core (~> 3.7.0)
      rspec-expectations (~> 3.7.0)
      rspec-mocks (~> 3.7.0)
    rspec-core (3.7.1)
      rspec-support (~> 3.7.0)
    rspec-expectations (3.7.0)
      diff-lcs (>= 1.2.0, < 2.0)
      rspec-support (~> 3.7.0)
    rspec-mocks (3.7.0)
      diff-lcs (>= 1.2.0, < 2.0)
      rspec-support (~> 3.7.0)
    rspec-support (3.7.1)
    ruby-gmail (0.3.1)
      mail (>= 2.2.1)
      mime (>= 0.1)
      shared-mime-info
    shared-mime-info (0.2.5)

PLATFORMS
  x64-mingw32

DEPENDENCIES
  rspec (~> 3.7.0)
  ruby-gmail (~> 0.3.1)

BUNDLED WITH
   1.16.1
